GEM
  remote: https://rubygems.org/
  specs:
    appraisal (0.5.2)
      bundler
      rake
    aws-sdk (1.11.3)
      json (~> 1.4)
      nokogiri (< 1.6.0)
      uuidtools (~> 2.1)
    dotenv (0.8.0)
    fattr (2.2.1)
    json (1.8.0)
    json (1.8.0-java)
    minitar (0.5.4)
    multi_json (1.7.7)
    nokogiri (1.5.10)
    nokogiri (1.5.10-java)
    rake (10.1.0)
    session (3.1.0)
      fattr
    simplecov (0.7.1)
      multi_json (~> 1.0)
      simplecov-html (~> 0.7.1)
    simplecov-html (0.7.1)
    uuidtools (2.1.4)

PLATFORMS
  java
  ruby

DEPENDENCIES
  appraisal (~> 0.5)
  aws-sdk (~> 1.0)
  dotenv (~> 0.7)
  minitar (~> 0.5)
  rake (~> 10.0)
  session (~> 3.0)
  simplecov (~> 0.7)
